GIT
  remote: git://github.com/jvaill/sprockets.git
  revision: 6327a13e77609991509c8cf3d3c1e571f6a4b23d
  branch: master
  specs:
    sprockets (2.9.2)
      hike (~> 1.2)
      multi_json (~> 1.0)
      rack (~> 1.0)
      tilt (~> 1.1, != 1.3.0)

GIT
  remote: git://github.com/jvatic/lodash-assets.git
  revision: 34bfb392e2407053d6cf28f76c884c6e77df34e8
  branch: master
  specs:
    lodash-assets (0.0.1)
      execjs (>= 1.2.9)
      sprockets (>= 2.0.3)
      tilt (>= 1.3.3)
      yajl-ruby

GIT
  remote: git://github.com/jvatic/marbles-js.git
  revision: 5297145c80aa91e358d49f33b7c3b6b00623d98a
  branch: master
  specs:
    marbles-js (0.0.3)

GIT
  remote: git://github.com/tent/hawk-ruby.git
  revision: 2e68e397f3853787e7bc6f075d9afee71cef3d2d
  branch: master
  specs:
    hawk-auth (0.2.1)

GIT
  remote: git://github.com/tent/icing.git
  revision: d693d3756f62511319dc58760cbb8cd627a3ba5b
  branch: master
  specs:
    icing (0.0.1)
      compass (~> 0.12.2)
      sass
      sprockets (~> 2.0)
      sprockets-helpers (~> 0.2)
      sprockets-sass (~> 0.5)

GIT
  remote: git://github.com/tent/marbles-tent-client-js.git
  revision: 1b51240ccfee0637a653a3e3697ff5e4522b6098
  branch: master
  specs:
    marbles-tent-client-js (0.0.1)

GIT
  remote: git://github.com/tent/omniauth-tent.git
  revision: 4143813b2b8848acc2c289a28c2f2d1ef7a28c4a
  branch: master
  specs:
    omniauth-tent (0.2.1)
      omniauth (~> 1.1.1)
      tent-client

GIT
  remote: git://github.com/tent/rack-putty.git
  revision: ebb5a62dc895ce0b73fa6cd3dda330226f42beb9
  branch: master
  specs:
    rack-putty (0.0.1)
      rack-mount (~> 0.8.3)

GIT
  remote: git://github.com/tent/sequel-json.git
  revision: 5412015d8053fc1ec85f220d1974c83436d8f379
  branch: master
  specs:
    sequel-json (0.0.1)
      sequel
      yajl-ruby

GIT
  remote: git://github.com/tent/tent-client-ruby.git
  revision: 84f66e6ed4ba40778e07725b26194cabe2859e66
  branch: master
  specs:
    tent-client (0.2.1)
      faraday (= 0.8.4)
      faraday_middleware (= 0.8.8)
      faraday_middleware-multi_json
      hawk-auth
      nokogiri
      yajl-ruby

GIT
  remote: git://github.com/titanous/asset_sync.git
  revision: 64f86044921b7029cf3be673a1920aa7fdfe8604
  branch: fix-mime
  specs:
    asset_sync (0.5.0)
      activemodel
      fog

PATH
  remote: .
  specs:
    tent-admin (0.0.1)
      coffee-script
      icing
      lodash-assets
      marbles-js
      marbles-tent-client-js
      mimetype-fu
      omniauth-tent
      pg
      rack-putty
      sass
      sequel (= 3.46)
      sequel-json
      sprockets (~> 2.0)

GEM
  remote: https://rubygems.org/
  specs:
    activemodel (4.0.0)
      activesupport (= 4.0.0)
      builder (~> 3.1.0)
    activesupport (4.0.0)
      i18n (~> 0.6, >= 0.6.4)
      minitest (~> 4.2)
      multi_json (~> 1.3)
      thread_safe (~> 0.1)
      tzinfo (~> 0.3.37)
    allison (2.0.3)
    atomic (1.1.10)
    builder (3.1.4)
    chunky_png (1.2.8)
    coffee-script (2.2.0)
      coffee-script-source
      execjs
    coffee-script-source (1.6.3)
    compass (0.12.2)
      chunky_png (~> 1.2)
      fssm (>= 0.2.7)
      sass (~> 3.1)
    echoe (4.6.3)
      allison (>= 2.0.3)
      gemcutter (>= 0.7.0)
      rake (>= 0.9.2)
      rdoc (>= 3.6.1)
      rubyforge (>= 2.0.4)
    excon (0.6.6)
    execjs (1.4.0)
      multi_json (~> 1.0)
    faraday (0.8.4)
      multipart-post (~> 1.1)
    faraday_middleware (0.8.8)
      faraday (>= 0.7.4, < 0.9)
    faraday_middleware-multi_json (0.0.5)
      faraday_middleware
      multi_json
    fog (0.9.0)
      builder
      excon (~> 0.6.1)
      formatador (>= 0.1.3)
      json
      mime-types
      net-scp (>= 1.0.4)
      net-ssh (>= 2.1.4)
      nokogiri (>= 1.4.4)
      ruby-hmac
    formatador (0.2.4)
    fssm (0.2.10)
    gemcutter (0.7.1)
    hashie (2.0.5)
    hike (1.2.3)
    i18n (0.6.4)
    json (1.8.0)
    json_pure (1.8.0)
    mime-types (1.23)
    mimetype-fu (0.1.2)
    mini_portile (0.5.1)
    minitest (4.7.5)
    multi_json (1.7.7)
    multipart-post (1.2.0)
    net-scp (1.1.2)
      net-ssh (>= 2.6.5)
    net-ssh (2.6.8)
    nokogiri (1.6.0)
      mini_portile (~> 0.5.0)
    omniauth (1.1.4)
      hashie (>= 1.2, < 3)
      rack
    pg (0.15.1)
    puma (2.3.2)
      rack (>= 1.1, < 2.0)
    rack (1.5.2)
    rack-mount (0.8.3)
      rack (>= 1.0.0)
    rainpress (1.0)
      echoe
    rake (10.1.0)
    rdoc (4.0.1)
      json (~> 1.4)
    ruby-hmac (0.4.0)
    rubyforge (2.0.4)
      json_pure (>= 1.1.7)
    sass (3.2.9)
    sequel (3.46.0)
    sprockets-helpers (0.9.1)
      sprockets (~> 2.0)
    sprockets-rainpress (0.0.1)
      rainpress
      sprockets
    sprockets-sass (0.9.1)
      sprockets (~> 2.0)
      tilt (~> 1.1)
    thread_safe (0.1.0)
      atomic
    tilt (1.4.1)
    tzinfo (0.3.37)
    uglifier (2.1.2)
      execjs (>= 0.3.0)
      multi_json (~> 1.0, >= 1.0.2)
    yajl-ruby (1.1.0)

PLATFORMS
  ruby

DEPENDENCIES
  asset_sync!
  bundler (~> 1.3)
  hawk-auth!
  icing!
  lodash-assets!
  marbles-js!
  marbles-tent-client-js!
  mime-types
  omniauth-tent!
  puma
  rack-putty!
  rake
  sequel-json!
  sprockets!
  sprockets-rainpress
  tent-admin!
  tent-client!
  uglifier
